{
	"Modality": "MR",
	"MagneticFieldStrength": 3,
	"ImagingFrequency": 123.225,
	"Manufacturer": "Siemens",
	"ManufacturersModelName": "Prisma_fit",
	"InstitutionName": "USC",
	"InstitutionalDepartmentName": "Department",
	"InstitutionAddress": "McClintock_3520A_Los_Angeles_SVC0e0594213b1104_CA_US_90089",
	"DeviceSerialNumber": "67025",
	"StationName": "MRC35039",
	"SeriesInstanceUID": "1.3.12.2.1107.5.2.43.67025.2015091710245410031763360.0.0.0",
	"StudyInstanceUID": "1.3.12.2.1107.5.2.43.67025.30000015091715581254100000004",
	"StudyID": "1",
	"PatientID": "15.09.17-09:47:16-DST-1.3.12.2.1107.5.2.43.67025",
	"PatientSex": "F",
	"PatientWeight": 63.5029,
	"BodyPartExamined": "BRAIN",
	"PatientPosition": "HFS",
	"ProcedureStepDescription": "Mara_David",
	"SoftwareVersions": "syngo_MR_D13D",
	"MRAcquisitionType": "2D",
	"SeriesDescription": "frmi-overlap",
	"ProtocolName": "frmi-overlap",
	"ScanningSequence": "EP",
	"SequenceVariant": "SK",
	"ScanOptions": "FS",
	"SequenceName": "_epfid2d1_64",
	"ImageType": [
		"ORIGINAL",
		"PRIMARY",
		"M",
		"ND",
		"NORM",
		"MOSAIC"
	],
	"SeriesNumber": 7,
	"AcquisitionTime": "10:27:17.860000",
	"AcquisitionDateTime": "2015-09-17T10:27:17.860000",
	"AcquisitionNumber": 1,
	"SliceThickness": 3,
	"SpacingBetweenSlices": 3,
	"SAR": 0.144874,
	"EchoTime": 0.025,
	"RepetitionTime": 2,
	"FlipAngle": 90,
	"PartialFourier": 1,
	"BaseResolution": 64,
	"ShimSetting": [-7854,-10253,11609,426,-113,361,-49,84],
	"TxRefAmp": 254.936,
	"PhaseResolution": 1,
	"ReceiveCoilName": "Head_32",
	"ReceiveCoilActiveElements": "HEA;HEP",
	"PulseSequenceDetails": "%SiemensSeq%_ep2d_pace",
	"ConsistencyInfo": "N4_VD13D_LATEST_20130810",
	"PercentPhaseFOV": 100,
	"EchoTrainLength": 32,
	"PhaseEncodingSteps": 64,
	"AcquisitionMatrixPE": 64,
	"ReconMatrixPE": 64,
	"BandwidthPerPixelPhaseEncode": 63.776,
	"ParallelReductionFactorInPlane": 2,
	"EffectiveEchoSpacing": 0.000244998,
	"DerivedVendorReportedEchoSpacing": 0.000489996,
	"TotalReadoutTime": 0.0154349,
	"PixelBandwidth": 2520,
	"DwellTime": 3.1e-06,
	"PhaseEncodingDirection": "j-",
	"SliceTiming": [0,1.015,0.05,1.0625,0.0975,1.1125,0.145,1.16,0.195,1.2075,0.2425,1.2575,0.29,1.305,0.34,1.3525,0.3875,1.4025,0.435,1.45,0.485,1.4975,0.5325,1.5475,0.58,1.595,0.63,1.6425,0.6775,1.6925,0.725,1.74,0.775,1.7875,0.8225,1.835,0.87,1.885,0.9175,1.9325,0.9675],
	"ImageOrientationPatientDICOM": [0.998335,-0.0387655,-0.0427232,0.0222226,0.941846,-0.33531],
	"InPlanePhaseEncodingDirectionDICOM": "COL",
	"ConversionSoftware": "dcm2niix",
	"ConversionSoftwareVersion": "v1.0.20181114  (JP2:OpenJPEG) GCC4.8.4"
}
