{
	"Modality": "MR",
	"MagneticFieldStrength": 3,
	"ImagingFrequency": 123.225,
	"Manufacturer": "Siemens",
	"ManufacturersModelName": "Prisma_fit",
	"InstitutionName": "USC",
	"InstitutionalDepartmentName": "Department",
	"InstitutionAddress": "McClintock_3520A_Los_Angeles_SVC0e0594213b1104_CA_US_90089",
	"DeviceSerialNumber": "67025",
	"StationName": "MRC35039",
	"SeriesInstanceUID": "1.3.12.2.1107.5.2.43.67025.2015081814494325284932205.0.0.0",
	"StudyInstanceUID": "1.3.12.2.1107.5.2.43.67025.30000015081815434672000000004",
	"StudyID": "1",
	"PatientID": "15.08.18-13:58:10-DST-1.3.12.2.1107.5.2.43.67025",
	"PatientSex": "F",
	"PatientWeight": 58.967,
	"BodyPartExamined": "BRAIN",
	"PatientPosition": "HFS",
	"ProcedureStepDescription": "Mara_David",
	"SoftwareVersions": "syngo_MR_D13D",
	"MRAcquisitionType": "2D",
	"SeriesDescription": "frmi-overlap",
	"ProtocolName": "frmi-overlap",
	"ScanningSequence": "EP",
	"SequenceVariant": "SK",
	"ScanOptions": "FS",
	"SequenceName": "_epfid2d1_64",
	"ImageType": [
		"ORIGINAL",
		"PRIMARY",
		"M",
		"ND",
		"NORM",
		"MOSAIC"
	],
	"SeriesNumber": 11,
	"AcquisitionTime": "14:50:15.007500",
	"AcquisitionDateTime": "2015-08-18T14:50:15.007500",
	"AcquisitionNumber": 1,
	"SliceThickness": 3,
	"SpacingBetweenSlices": 3,
	"SAR": 0.118611,
	"EchoTime": 0.025,
	"RepetitionTime": 2,
	"FlipAngle": 90,
	"PartialFourier": 1,
	"BaseResolution": 64,
	"ShimSetting": [-7806,-10336,11815,528,-1,103,105,55],
	"TxRefAmp": 235.796,
	"PhaseResolution": 1,
	"ReceiveCoilName": "Head_32",
	"ReceiveCoilActiveElements": "HEA;HEP",
	"PulseSequenceDetails": "%SiemensSeq%_ep2d_pace",
	"ConsistencyInfo": "N4_VD13D_LATEST_20130810",
	"PercentPhaseFOV": 100,
	"EchoTrainLength": 32,
	"PhaseEncodingSteps": 64,
	"AcquisitionMatrixPE": 64,
	"ReconMatrixPE": 64,
	"BandwidthPerPixelPhaseEncode": 63.776,
	"ParallelReductionFactorInPlane": 2,
	"EffectiveEchoSpacing": 0.000244998,
	"DerivedVendorReportedEchoSpacing": 0.000489996,
	"TotalReadoutTime": 0.0154349,
	"PixelBandwidth": 2520,
	"DwellTime": 3.1e-06,
	"PhaseEncodingDirection": "i-",
	"SliceTiming": [0,1.015,0.0475,1.0625,0.0975,1.11,0.145,1.16,0.1925,1.2075,0.2425,1.255,0.29,1.3025,0.3375,1.3525,0.385,1.4,0.435,1.4475,0.4825,1.4975,0.53,1.545,0.58,1.5925,0.6275,1.6425,0.675,1.69,0.725,1.7375,0.7725,1.7875,0.82,1.835,0.87,1.8825,0.9175,1.9325,0.965],
	"ImageOrientationPatientDICOM": [0.996878,0.0360062,-0.0702708,-0.0507981,0.973798,-0.221667],
	"InPlanePhaseEncodingDirectionDICOM": "ROW",
	"ConversionSoftware": "dcm2niix",
	"ConversionSoftwareVersion": "v1.0.20181114  (JP2:OpenJPEG) GCC4.8.4"
}
